GEM
  remote: https://rubygems.org/
  remote: https://rails-assets.org/
  specs:
    hike (1.2.3)
    opal (0.8.0)
      hike (~> 1.2)
      sourcemap (~> 0.1.0)
      sprockets (~> 3.1)
      tilt (>= 1.4)
    opal-jquery (0.4.0)
      opal (>= 0.7.0, < 0.9.0)
    rack (1.6.4)
    rails-assets-jquery (2.1.4)
    sass (3.4.19)
    slim (3.0.6)
      temple (~> 0.7.3)
      tilt (>= 1.3.3, < 2.1)
    sourcemap (0.1.1)
    sprockets (3.4.0)
      rack (> 1, < 3)
    temple (0.7.6)
    tilt (2.0.1)

PLATFORMS
  ruby

DEPENDENCIES
  opal (>= 0.8.0)
  opal-jquery
  rails-assets-jquery!
  sass
  slim

BUNDLED WITH
   1.10.6
